GEM
  specs:
    mysql2 (0.3.13)
    mysql2-cs-bind (0.0.6)
      mysql2

PLATFORMS
  ruby

DEPENDENCIES
  mysql2-cs-bind
